GEM
  remote: https://ruby.taobao.org/
  specs:
    byebug (3.5.1)
      columnize (~> 0.8)
      debugger-linecache (~> 1.2)
      slop (~> 3.6)
    columnize (0.9.0)
    debugger-linecache (1.2.0)
    mini_portile (0.6.2)
    nokogiri (1.6.6.2)
      mini_portile (~> 0.6.0)
    slop (3.6.0)

PLATFORMS
  ruby

DEPENDENCIES
  byebug
  nokogiri
